GEM
  remote: http://rubygems.org/
  specs:
    addressable (2.2.6)
    heroku (2.21.2)
      launchy (>= 0.3.2)
      rest-client (~> 1.6.1)
      rubyzip
      term-ansicolor (~> 1.0.5)
    launchy (2.0.5)
      addressable (~> 2.2.6)
    mime-types (1.17.2)
    rack (1.4.0)
    rest-client (1.6.7)
      mime-types (>= 1.16)
    rubyzip (0.9.5)
    term-ansicolor (1.0.7)

PLATFORMS
  x86-mingw32

DEPENDENCIES
  heroku
  rack
